GEM
  remote: https://rubygems.org/
  specs:
    actioncable (5.1.4)
      actionpack (= 5.1.4)
      nio4r (~> 2.0)
      websocket-driver (~> 0.6.1)
    actionmailer (5.1.4)
      actionpack (= 5.1.4)
      actionview (= 5.1.4)
      activejob (= 5.1.4)
      mail (~> 2.5, >= 2.5.4)
      rails-dom-testing (~> 2.0)
    actionpack (5.1.4)
      actionview (= 5.1.4)
      activesupport (= 5.1.4)
      rack (~> 2.0)
      rack-test (>= 0.6.3)
      rails-dom-testing (~> 2.0)
      rails-html-sanitizer (~> 1.0, >= 1.0.2)
    actionview (5.1.4)
      activesupport (= 5.1.4)
      builder (~> 3.1)
      erubi (~> 1.4)
      rails-dom-testing (~> 2.0)
      rails-html-sanitizer (~> 1.0, >= 1.0.3)
    active_model_serializers (0.10.7)
      actionpack (>= 4.1, < 6)
      activemodel (>= 4.1, < 6)
      case_transform (>= 0.2)
      jsonapi-renderer (>= 0.1.1.beta1, < 0.3)
    activejob (5.1.4)
      activesupport (= 5.1.4)
      globalid (>= 0.3.6)
    activemodel (5.1.4)
      activesupport (= 5.1.4)
    activerecord (5.1.4)
      activemodel (= 5.1.4)
      activesupport (= 5.1.4)
      arel (~> 8.0)
    activerecord-import (0.21.0)
      activerecord (>= 3.2)
    activerecord-refresh_connection (0.0.5)
      activerecord
    activesupport (5.1.4)
      concurrent-ruby (~> 1.0, >= 1.0.2)
      i18n (~> 0.7)
      minitest (~> 5.1)
      tzinfo (~> 1.1)
    addressable (2.5.2)
      public_suffix (>= 2.0.2, < 4.0)
    annotate (2.7.2)
      activerecord (>= 3.2, < 6.0)
      rake (>= 10.4, < 13.0)
    arel (8.0.0)
    ast (2.3.0)
    awesome_print (1.8.0)
    aws-sdk (2.10.106)
      aws-sdk-resources (= 2.10.106)
    aws-sdk-core (2.10.106)
      aws-sigv4 (~> 1.0)
      jmespath (~> 1.0)
    aws-sdk-resources (2.10.106)
      aws-sdk-core (= 2.10.106)
    aws-sigv4 (1.0.2)
    bcrypt (3.1.11)
    builder (3.2.3)
    byebug (9.1.0)
    case_transform (0.2)
      activesupport
    checkstyle_filter-git (1.1.0)
      git_diff_parser
      thor
    coderay (1.1.2)
    committee (2.0.0)
      json_schema (~> 0.14, >= 0.14.3)
      rack (>= 1.5)
    committee-rails (0.2.0)
      actionpack
      activesupport
      committee (~> 2.0.0.pre6)
      railties
    concurrent-ruby (1.0.5)
    config (1.6.1)
      activesupport (>= 3.0)
      deep_merge (~> 1.1.1)
      dry-validation (>= 0.10.4)
    connection_pool (2.2.1)
    crack (0.4.3)
      safe_yaml (~> 1.0.0)
    crass (1.0.3)
    database_rewinder (0.8.2)
    deep_merge (1.1.1)
    devise (4.3.0)
      bcrypt (~> 3.0)
      orm_adapter (~> 0.1)
      railties (>= 4.1.0, < 5.2)
      responders
      warden (~> 1.2.3)
    diff-lcs (1.3)
    diffy (3.2.0)
    down (4.1.1)
    dry-configurable (0.7.0)
      concurrent-ruby (~> 1.0)
    dry-container (0.6.0)
      concurrent-ruby (~> 1.0)
      dry-configurable (~> 0.1, >= 0.1.3)
    dry-core (0.4.2)
      concurrent-ruby (~> 1.0)
    dry-equalizer (0.2.0)
    dry-logic (0.4.2)
      dry-container (~> 0.2, >= 0.2.6)
      dry-core (~> 0.2)
      dry-equalizer (~> 0.2)
    dry-types (0.12.2)
      concurrent-ruby (~> 1.0)
      dry-configurable (~> 0.1)
      dry-container (~> 0.3)
      dry-core (~> 0.2, >= 0.2.1)
      dry-equalizer (~> 0.2)
      dry-logic (~> 0.4, >= 0.4.2)
      inflecto (~> 0.0.0, >= 0.0.2)
    dry-validation (0.11.1)
      concurrent-ruby (~> 1.0)
      dry-configurable (~> 0.1, >= 0.1.3)
      dry-core (~> 0.2, >= 0.2.1)
      dry-equalizer (~> 0.2)
      dry-logic (~> 0.4, >= 0.4.0)
      dry-types (~> 0.12.0)
    env_branch (1.2.0)
    env_pull_request (1.0.0)
      natural_number_string
    erubi (1.7.0)
    factory_bot (4.8.2)
      activesupport (>= 3.0.0)
    factory_bot_rails (4.8.2)
      factory_bot (~> 4.8.2)
      railties (>= 3.0.0)
    faraday (0.13.1)
      multipart-post (>= 1.2, < 3)
    faraday_middleware (0.12.2)
      faraday (>= 0.7.4, < 1.0)
    ffi (1.9.18)
    fluent-logger (0.7.1)
      msgpack (>= 1.0.0, < 2)
    git (1.3.0)
    git_clone_url (2.0.0)
      uri-ssh_git (>= 2.0)
    git_diff_parser (2.3.0)
    github_status_notifier (1.0.0)
      saddler-reporter-github
      thor
    globalid (0.4.1)
      activesupport (>= 4.2.0)
    hashdiff (0.3.7)
    i18n (0.9.1)
      concurrent-ruby (~> 1.0)
    inflecto (0.0.2)
    jmespath (1.3.1)
    json (2.1.0)
    json_schema (0.17.0)
    jsonapi-renderer (0.2.0)
    kgio (2.11.1)
    listen (3.1.5)
      rb-fsevent (~> 0.9, >= 0.9.4)
      rb-inotify (~> 0.9, >= 0.9.7)
      ruby_dep (~> 1.2)
    loofah (2.1.1)
      crass (~> 1.0.2)
      nokogiri (>= 1.5.9)
    mail (2.7.0)
      mini_mime (>= 0.1.1)
    makara (0.3.9)
      activerecord (>= 3.0.0)
    method_source (0.9.0)
    mini_mime (1.0.0)
    mini_portile2 (2.3.0)
    minitest (5.10.3)
    msgpack (1.2.0)
    multipart-post (2.0.0)
    mysql2 (0.4.10)
    natural_number_string (1.0.1)
    newrelic_rpm (4.7.0.339)
    nio4r (2.1.0)
    nokogiri (1.8.1)
      mini_portile2 (~> 2.3.0)
    nori (2.6.0)
    octokit (4.7.0)
      sawyer (~> 0.8.0, >= 0.5.3)
    orm_adapter (0.5.0)
    parallel (1.12.1)
    parallel_tests (2.19.0)
      parallel
    parser (2.4.0.2)
      ast (~> 2.3)
    powerpack (0.1.1)
    pry (0.11.3)
      coderay (~> 1.1.0)
      method_source (~> 0.9.0)
    pry-byebug (3.5.1)
      byebug (~> 9.1)
      pry (~> 0.10)
    public_suffix (3.0.1)
    rack (2.0.3)
    rack-protection (2.0.0)
      rack
    rack-test (0.8.2)
      rack (>= 1.0, < 3)
    rails (5.1.4)
      actioncable (= 5.1.4)
      actionmailer (= 5.1.4)
      actionpack (= 5.1.4)
      actionview (= 5.1.4)
      activejob (= 5.1.4)
      activemodel (= 5.1.4)
      activerecord (= 5.1.4)
      activesupport (= 5.1.4)
      bundler (>= 1.3.0)
      railties (= 5.1.4)
      sprockets-rails (>= 2.0.0)
    rails-dom-testing (2.0.3)
      activesupport (>= 4.2.0)
      nokogiri (>= 1.6)
    rails-html-sanitizer (1.0.3)
      loofah (~> 2.0)
    railties (5.1.4)
      actionpack (= 5.1.4)
      activesupport (= 5.1.4)
      method_source
      rake (>= 0.8.7)
      thor (>= 0.18.1, < 2.0)
    rainbow (3.0.0)
    raindrops (0.19.0)
    rake (12.3.0)
    raven-transports-fluentd (0.2.1)
      fluent-logger
      sentry-raven (>= 2.7.0)
    rb-fsevent (0.10.2)
    rb-inotify (0.9.10)
      ffi (>= 0.5.0, < 2)
    redis (3.3.5)
    redis-namespace (1.6.0)
      redis (>= 3.0.4)
    responders (2.4.0)
      actionpack (>= 4.2.0, < 5.3)
      railties (>= 4.2.0, < 5.3)
    ridgepole (0.7.1)
      activerecord (>= 5.0.1, < 6)
      diffy
    rspec-core (3.7.0)
      rspec-support (~> 3.7.0)
    rspec-expectations (3.7.0)
      diff-lcs (>= 1.2.0, < 2.0)
      rspec-support (~> 3.7.0)
    rspec-json_matcher (0.1.6)
      awesome_print
      json
    rspec-mocks (3.7.0)
      diff-lcs (>= 1.2.0, < 2.0)
      rspec-support (~> 3.7.0)
    rspec-rails (3.7.2)
      actionpack (>= 3.0)
      activesupport (>= 3.0)
      railties (>= 3.0)
      rspec-core (~> 3.7.0)
      rspec-expectations (~> 3.7.0)
      rspec-mocks (~> 3.7.0)
      rspec-support (~> 3.7.0)
    rspec-support (3.7.0)
    rubocop (0.52.0)
      parallel (~> 1.10)
      parser (>= 2.4.0.2, < 3.0)
      powerpack (~> 0.1)
      rainbow (>= 2.2.2, < 4.0)
      ruby-progressbar (~> 1.7)
      unicode-display_width (~> 1.0, >= 1.0.1)
    rubocop-checkstyle_formatter (0.4.0)
      rubocop (>= 0.35.1)
    rubocop-rspec (1.21.0)
      rubocop (>= 0.52.0)
    rubocop-select (2.0.0)
      rubocop
    ruby-progressbar (1.9.0)
    ruby_dep (1.5.0)
    saddler (1.0.0)
      saddler-reporter-text
      thor
    saddler-reporter-github (2.0.0)
      env_pull_request (>= 1.0)
      git_diff_parser (>= 2.0, < 3.0)
      octokit
      saddler-reporter-support (>= 1.0)
      saddler-reporter-support-git (>= 1.0)
    saddler-reporter-support (1.0.0)
      nori
    saddler-reporter-support-git (2.0.1)
      env_branch (>= 1.0)
      git (>= 1.0, < 2.0)
      git_clone_url (>= 2.0, < 3.0)
    saddler-reporter-text (1.0.0)
    safe_yaml (1.0.4)
    sawyer (0.8.1)
      addressable (>= 2.3.5, < 2.6)
      faraday (~> 0.8, < 1.0)
    sentry-raven (2.7.1)
      faraday (>= 0.7.6, < 1.0)
    shrine (2.8.0)
      down (~> 4.1)
    sidekiq (4.2.10)
      concurrent-ruby (~> 1.0)
      connection_pool (~> 2.2, >= 2.2.0)
      rack-protection (>= 1.5.0)
      redis (~> 3.2, >= 3.2.1)
    spring (2.0.2)
      activesupport (>= 4.2)
    spring-watcher-listen (2.0.1)
      listen (>= 2.7, < 4.0)
      spring (>= 1.2, < 3.0)
    sprockets (3.7.1)
      concurrent-ruby (~> 1.0)
      rack (> 1, < 3)
    sprockets-rails (3.2.1)
      actionpack (>= 4.0)
      activesupport (>= 4.0)
      sprockets (>= 3.0.0)
    thor (0.20.0)
    thread_safe (0.3.6)
    timecop (0.9.1)
    tzinfo (1.2.4)
      thread_safe (~> 0.1)
    unicode-display_width (1.3.0)
    unicorn (5.3.1)
      kgio (~> 2.6)
      raindrops (~> 0.7)
    uri-ssh_git (2.0.0)
    warden (1.2.7)
      rack (>= 1.0)
    webmock (3.1.1)
      addressable (>= 2.3.6)
      crack (>= 0.3.2)
      hashdiff
    websocket-driver (0.6.5)
      websocket-extensions (>= 0.1.0)
    websocket-extensions (0.1.3)

PLATFORMS
  ruby

DEPENDENCIES
  active_model_serializers (~> 0.10.0)
  activerecord-import
  activerecord-refresh_connection
  annotate
  aws-sdk (~> 2.1)
  aws-sdk-core
  byebug
  checkstyle_filter-git
  committee
  committee-rails
  config
  database_rewinder
  devise
  factory_bot
  factory_bot_rails
  faraday
  faraday_middleware
  github_status_notifier
  listen (>= 3.0.5, < 3.2)
  makara
  mysql2
  newrelic_rpm
  parallel_tests
  pry
  pry-byebug
  rails (~> 5.1.0)
  raven-transports-fluentd
  redis (~> 3)
  redis-namespace
  ridgepole
  rspec-json_matcher
  rspec-rails (~> 3.5)
  rubocop
  rubocop-checkstyle_formatter
  rubocop-rspec
  rubocop-select
  saddler
  saddler-reporter-github
  sentry-raven
  shrine
  sidekiq (~> 4)
  spring
  spring-watcher-listen (~> 2.0.0)
  timecop
  unicorn
  webmock

BUNDLED WITH
   1.16.1
